PATH
  remote: .
  specs:
    business_time (0.4.0)
      activesupport (>= 2.0.0)

GEM
  remote: http://rubygems.org/
  specs:
    activesupport (2.3.4)
    columnize (0.3.6)
    linecache (0.46)
      rbx-require-relative (> 0.0.4)
    rake (0.9.2.2)
    rbx-require-relative (0.0.5)
    ruby-debug (0.10.4)
      columnize (>= 0.1)
      ruby-debug-base (~> 0.10.4.0)
    ruby-debug-base (0.10.4)
      linecache (>= 0.3)
    shoulda (2.11.3)

PLATFORMS
  ruby

DEPENDENCIES
  business_time!
  rake
  ruby-debug
  shoulda
